GEM
  remote: http://rubygems.org/
  specs:
    builder (3.0.0)
    httpclient (2.2.4)
    json (2.2.0)
    jwt (0.1.4)
      json (>= 1.2.4)
    multi_json (1.0.4)
    rack (1.4.0)
    rack-protection (1.2.0)
      rack
    sinatra (1.3.2)
      rack (~> 1.3, >= 1.3.6)
      rack-protection (~> 1.2)
      tilt (~> 1.3, >= 1.3.3)
    tilt (1.3.3)
    twilio-ruby (3.5.1)
      builder (>= 2.1.2)
      jwt (>= 0.1.2)
      multi_json (>= 1.0.3)

PLATFORMS
  ruby

DEPENDENCIES
  httpclient
  sinatra
  twilio-ruby
